PATH
  remote: .
  specs:
    dfeojm (0.0.0)
      nokogiri
      trollop

GEM
  remote: http://rubygems.org/
  specs:
    nokogiri (1.5.0)
    trollop (1.16.2)

PLATFORMS
  ruby

DEPENDENCIES
  bundler (>= 1.0.0)
  dfeojm!
