PATH
  remote: .
  specs:
    dfeojm (0.0.4)
      nokogiri
      trollop

GEM
  remote: https://rubygems.org/
  specs:
    diff-lcs (1.1.3)
    mini_portile2 (2.0.0)
    nokogiri (1.6.7.2)
      mini_portile2 (~> 2.0.0.rc2)
    rake (0.9.2.2)
    rspec (2.7.0)
      rspec-core (~> 2.7.0)
      rspec-expectations (~> 2.7.0)
      rspec-mocks (~> 2.7.0)
    rspec-core (2.7.1)
    rspec-expectations (2.7.0)
      diff-lcs (~> 1.1.2)
    rspec-mocks (2.7.0)
    trollop (2.1.2)

PLATFORMS
  ruby

DEPENDENCIES
  bundler (>= 1.0.0)
  dfeojm!
  rake (>= 0.8.3)
  rspec (>= 2.7.0)

BUNDLED WITH
   1.11.2
